GIT
  remote: git://github.com/sinatra/sinatra.git
  revision: 9984d0d2b3f1ea12273c6c25f8e102b2329f33e9
  specs:
    sinatra (1.4.0)
      rack (~> 1.4)
      rack-protection (~> 1.3)
      tilt (~> 1.3, >= 1.3.3)

GEM
  remote: https://rubygems.org/
  specs:
    rack (1.4.0)
    rack-protection (1.3.2)
      rack
    tilt (1.3.3)

PLATFORMS
  ruby

DEPENDENCIES
  rack (= 1.4.0)
  sinatra!
